PATH
  remote: .
  specs:
    core_ext (0.2.0)
      activesupport

GEM
  remote: https://rubygems.org/
  specs:
    activesupport (4.1.7)
      i18n (~> 0.6, >= 0.6.9)
      json (~> 1.7, >= 1.7.7)
      minitest (~> 5.1)
      thread_safe (~> 0.1)
      tzinfo (~> 1.1)
    diff-lcs (1.2.5)
    docile (1.1.5)
    i18n (0.7.0)
    json (1.8.2)
    minitest (5.5.1)
    multi_json (1.10.1)
    rake (10.3.2)
    rspec (2.99.0)
      rspec-core (~> 2.99.0)
      rspec-expectations (~> 2.99.0)
      rspec-mocks (~> 2.99.0)
    rspec-core (2.99.2)
    rspec-expectations (2.99.2)
      diff-lcs (>= 1.1.3, < 2.0)
    rspec-mocks (2.99.2)
    simplecov (0.9.1)
      docile (~> 1.1.0)
      multi_json (~> 1.0)
      simplecov-html (~> 0.8.0)
    simplecov-html (0.8.0)
    thread_safe (0.3.4)
    tzinfo (1.2.2)
      thread_safe (~> 0.1)

PLATFORMS
  ruby

DEPENDENCIES
  bundler (~> 1.6)
  core_ext!
  rake
  rspec (~> 2.14)
  rspec-mocks
  simplecov
